GEM
  remote: https://rubygems.org/
  specs:
    daemons (1.2.4)
    eventmachine (1.2.0.1)
    rack (1.6.4)
    rack-protection (1.5.3)
      rack
    redis (3.0.7)
    sinatra (1.4.7)
      rack (~> 1.5)
      rack-protection (~> 1.4)
      tilt (>= 1.3, < 3)
    sinatra-pubsub (0.0.7)
      redis (~> 3.0.4)
      sinatra (~> 1.4.3)
    thin (1.7.0)
      daemons (~> 1.0, >= 1.0.9)
      eventmachine (~> 1.0, >= 1.0.4)
      rack (>= 1, < 3)
    tilt (2.0.5)

PLATFORMS
  ruby

DEPENDENCIES
  sinatra
  sinatra-pubsub
  thin

RUBY VERSION
   ruby 2.3.1p112

BUNDLED WITH
   1.13.2
